PATH
  remote: .
  specs:
    mina-revisioneer (0.1.0)
      rugged

GEM
  remote: https://rubygems.org/
  specs:
    rake (10.1.0)
    rugged (0.19.0)

PLATFORMS
  ruby

DEPENDENCIES
  bundler (~> 1.3)
  mina-revisioneer!
  rake
